GEM
  remote: http://rubygems.org/
  specs:
    RedCloth (4.2.7)
    abstract (1.0.0)
    actionmailer (3.0.19)
      actionpack (= 3.0.19)
      mail (~> 2.2.19)
    actionpack (3.0.19)
      activemodel (= 3.0.19)
      activesupport (= 3.0.19)
      builder (~> 2.1.2)
      erubis (~> 2.6.6)
      i18n (~> 0.5.0)
      rack (~> 1.2.5)
      rack-mount (~> 0.6.14)
      rack-test (~> 0.5.7)
      tzinfo (~> 0.3.23)
    activeadmin (0.4.0)
      bourbon (>= 1.0.0)
      devise (>= 1.1.2)
      fastercsv
      formtastic (>= 2.0.0)
      inherited_resources (< 1.3.0)
      jquery-rails (>= 1.0.0)
      kaminari (>= 0.13.0)
      meta_search (>= 0.9.2)
      rails (>= 3.0.0)
      sass (>= 3.1.0)
    activemodel (3.0.19)
      activesupport (= 3.0.19)
      builder (~> 2.1.2)
      i18n (~> 0.5.0)
    activerecord (3.0.19)
      activemodel (= 3.0.19)
      activesupport (= 3.0.19)
      arel (~> 2.0.10)
      tzinfo (~> 0.3.23)
    activeresource (3.0.19)
      activemodel (= 3.0.19)
      activesupport (= 3.0.19)
    activesupport (3.0.19)
    arel (2.0.10)
    bcrypt-ruby (2.1.4)
    bourbon (1.3.6)
      sass (>= 3.1)
    builder (2.1.2)
    cancan (1.6.5)
    devise (1.1.9)
      bcrypt-ruby (~> 2.1.2)
      warden (~> 1.0.2)
    erubis (2.6.6)
      abstract (>= 1.0.0)
    fastercsv (1.5.4)
    formtastic (2.0.2)
      rails (~> 3.0)
    has_scope (0.5.1)
    i18n (0.5.0)
    inherited_resources (1.2.2)
      has_scope (~> 0.5.0)
      responders (~> 0.6.0)
    jquery-rails (1.0.12)
      railties (~> 3.0)
      thor (~> 0.14)
    json (1.7.6)
    kaminari (0.13.0)
      actionpack (>= 3.0.0)
      activesupport (>= 3.0.0)
      railties (>= 3.0.0)
    mail (2.2.19)
      activesupport (>= 2.3.6)
      i18n (>= 0.4.0)
      mime-types (~> 1.16)
      treetop (~> 1.4.8)
    meta_search (1.0.6)
      actionpack (~> 3.0.2)
      activerecord (~> 3.0.2)
      activesupport (~> 3.0.2)
      arel (~> 2.0.2)
    mime-types (1.19)
    polyglot (0.3.3)
    rack (1.2.6)
    rack-mount (0.6.14)
      rack (>= 1.0.0)
    rack-test (0.5.7)
      rack (>= 1.0)
    rails (3.0.19)
      actionmailer (= 3.0.19)
      actionpack (= 3.0.19)
      activerecord (= 3.0.19)
      activeresource (= 3.0.19)
      activesupport (= 3.0.19)
      bundler (~> 1.0)
      railties (= 3.0.19)
    railties (3.0.19)
      actionpack (= 3.0.19)
      activesupport (= 3.0.19)
      rake (>= 0.8.7)
      rdoc (~> 3.4)
      thor (~> 0.14.4)
    rake (10.0.3)
    rdoc (3.12)
      json (~> 1.4)
    responders (0.6.5)
    sass (3.1.13)
    sqlite3 (1.3.3)
    thor (0.14.6)
    treetop (1.4.12)
      polyglot
      polyglot (>= 0.3.1)
    tzinfo (0.3.35)
    warden (1.0.4)
      rack (>= 1.0)

PLATFORMS
  ruby

DEPENDENCIES
  RedCloth
  activeadmin
  cancan
  devise (~> 1.1.3)
  jquery-rails (= 1.0.12)
  rails (= 3.0.19)
  sqlite3
